GEM
  remote: https://rubygems.org/
  specs:
    activemodel (3.2.12)
      activesupport (= 3.2.12)
      builder (~> 3.0.0)
    activerecord (3.2.12)
      activemodel (= 3.2.12)
      activesupport (= 3.2.12)
      arel (~> 3.0.2)
      tzinfo (~> 0.3.29)
    activesupport (3.2.12)
      i18n (~> 0.6)
      multi_json (~> 1.0)
    arel (3.0.2)
    builder (3.0.4)
    i18n (0.6.9)
    multi_json (1.6.1)
    rack (1.5.2)
    rack-flash3 (1.0.5)
      rack
    rack-protection (1.5.2)
      rack
    rake (10.0.3)
    sinatra (1.4.4)
      rack (~> 1.4)
      rack-protection (~> 1.4)
      tilt (~> 1.3, >= 1.3.4)
    sinatra-activerecord (1.3.0)
      activerecord (>= 3.0)
      sinatra (~> 1.0)
    sqlite3 (1.3.7)
    tilt (1.4.1)
    tzinfo (0.3.38)

PLATFORMS
  ruby

DEPENDENCIES
  activerecord
  rack-flash3
  rake
  sinatra
  sinatra-activerecord
  sqlite3
